PATH
  remote: .
  specs:
    switchcoder (0.0.1)

GEM
  remote: https://rubygems.org/
  specs:
    diff-lcs (1.1.3)
    json (1.7.7)
    redcarpet (1.17.2)
    rspec-core (2.12.2)
    rspec-expectations (2.12.1)
      diff-lcs (~> 1.1.3)
    yard (0.7.5)

PLATFORMS
  ruby

DEPENDENCIES
  json (~> 1.7.7)
  redcarpet (~> 1.17)
  rspec-core (~> 2.0)
  rspec-expectations (~> 2.0)
  switchcoder!
  yard (~> 0.7.5)
